PATH
  remote: .
  specs:
    perigren_github_client (0.1.0)

GEM
  remote: https://rubygems.org/
  specs:
    excon (0.62.0)
    jwt (2.1.0)
    openssl (2.1.1)
    rake (10.5.0)

PLATFORMS
  ruby

DEPENDENCIES
  bundler (~> 1.16)
  excon
  jwt
  openssl
  perigren_github_client!
  rake (~> 10.0)

BUNDLED WITH
   1.16.1
