PATH
  remote: .
  specs:
    perigren_github_client (0.1.63)
      excon
      jwt
      openssl

GEM
  remote: https://rubygems.org/
  specs:
    excon (0.62.0)
    jwt (2.1.0)
    openssl (2.1.1)
    rake (13.0.3)

PLATFORMS
  ruby

DEPENDENCIES
  bundler (= 1.16.1)
  excon
  jwt
  openssl
  perigren_github_client!
  rake (>= 12.3.3)

BUNDLED WITH
   1.16.1
